GEM
  remote: https://rubygems.org/
  specs:
    bitters (1.2.0)
      bourbon (>= 4.2)
      sass (>= 3.4)
      thor
    bourbon (4.3.2)
      sass (~> 3.4)
      thor (~> 0.19)
    neat (1.8.0)
      sass (>= 3.3)
      thor (~> 0.19)
    sass (3.4.23)
    thor (0.19.4)

PLATFORMS
  ruby

DEPENDENCIES
  bitters
  bourbon (~> 4.0)
  neat

BUNDLED WITH
   1.12.5
